PATH
  remote: .
  specs:
    savon_model (0.1.2)

GEM
  remote: http://gems.blau.de/
  remote: http://rubygems.org/
  specs:
    builder (2.1.2)
    crack (0.1.8)
    diff-lcs (1.1.2)
    httpi (0.6.0)
    mocha (0.9.9)
      rake
    rake (0.8.7)
    rspec (2.0.1)
      rspec-core (~> 2.0.1)
      rspec-expectations (~> 2.0.1)
      rspec-mocks (~> 2.0.1)
    rspec-core (2.0.1)
    rspec-expectations (2.0.1)
      diff-lcs (>= 1.1.2)
    rspec-mocks (2.0.1)
      rspec-core (~> 2.0.1)
      rspec-expectations (~> 2.0.1)
    savon (0.8.0.beta.1)
      builder (~> 2.1.2)
      crack (~> 0.1.8)
      httpi (>= 0.6.0)

PLATFORMS
  ruby

DEPENDENCIES
  mocha (~> 0.9.8)
  rspec (~> 2.0.0)
  savon (~> 0.8.0.beta.1)
  savon_model!
